GEM
  remote: https://rubygems.org/
  specs:
    cloud_events (0.7.1)
    coderay (1.1.3)
    functions_framework (1.4.1)
      cloud_events (>= 0.7.0, < 2.a)
      puma (>= 4.3.0, < 7.a)
      rack (>= 2.1, < 4.a)
    method_source (1.0.0)
    nio4r (2.7.0)
    pry (0.14.2)
      coderay (~> 1.1)
      method_source (~> 1.0)
    puma (6.4.2)
      nio4r (~> 2.0)
    rack (3.0.8)

PLATFORMS
  arm64-darwin-21

DEPENDENCIES
  functions_framework (~> 1.2)
  pry

BUNDLED WITH
   2.4.10
